GEM
  remote: https://rubygems.org/
  specs:
    rack (2.2.3)

PLATFORMS
  ruby

DEPENDENCIES
  rack

RUBY VERSION
   ruby 2.7.3p183

BUNDLED WITH
   2.1.4
